GEM
  remote: https://rubygems.org/
  specs:
    active_support (3.0.0)
      activesupport (= 3.0.0)
    activesupport (3.0.0)
    bourbon (3.0.1)
      sass (>= 3.2.0)
      thor
    coderay (1.0.8)
    daemons (1.1.9)
    deckrb (0.5.0)
      coderay
      erector (>= 0.9.0)
      json
      nokogiri
      rack (>= 1.4.1)
      rack-codehighlighter
      redcarpet (~> 2)
      thin
      trollop
    diff-lcs (1.1.3)
    erector (0.9.0)
      treetop (>= 1.2.3)
    eventmachine (1.0.3)
    eventmachine (1.0.3-x86-mingw32)
    files (0.3.1)
    json (1.7.6)
    listen (0.7.2)
    nokogiri (1.5.6)
    nokogiri (1.5.6-x86-mingw32)
    polyglot (0.3.3)
    predicated (0.2.6)
    rack (1.5.2)
    rack-codehighlighter (0.5.0)
      nokogiri (>= 1.4.1)
      rack (>= 1.0.0)
    rack-protection (1.3.2)
      rack
    rack-test (0.6.2)
      rack (>= 1.0)
    rake (10.0.3)
    rb-fsevent (0.9.3)
    redcarpet (2.2.2)
    rerun (0.8.0)
      listen
    rspec (2.12.0)
      rspec-core (~> 2.12.0)
      rspec-expectations (~> 2.12.0)
      rspec-mocks (~> 2.12.0)
    rspec-core (2.12.2)
    rspec-expectations (2.12.1)
      diff-lcs (~> 1.1.3)
    rspec-mocks (2.12.2)
    ruby2ruby (2.0.3)
      ruby_parser (~> 3.1)
      sexp_processor (~> 4.0)
    ruby_parser (3.1.1)
      sexp_processor (~> 4.1)
    sass (3.2.5)
    sexp_processor (4.1.4)
    sinatra (1.3.4)
      rack (~> 1.4)
      rack-protection (~> 1.3)
      tilt (~> 1.3, >= 1.3.3)
    thin (1.5.0)
      daemons (>= 1.0.9)
      eventmachine (>= 0.12.6)
      rack (>= 1.0.0)
    thor (0.17.0)
    tilt (1.3.3)
    treetop (1.4.12)
      polyglot
      polyglot (>= 0.3.1)
    trollop (2.0)
    wrong (0.7.0)
      diff-lcs (~> 1.1.2)
      predicated (~> 0.2.6)
      ruby2ruby (>= 2.0.1)
      ruby_parser (>= 3.0.1)
      sexp_processor (>= 4.0)

PLATFORMS
  ruby
  x86-mingw32

DEPENDENCIES
  active_support
  bourbon
  coderay
  deckrb (>= 0.3.0)
  erector (~> 0.9.0)
  eventmachine (~> 1.0.3)
  files (>= 0.3.0)
  nokogiri
  rack-codehighlighter
  rack-test
  rake
  rb-fsevent
  redcarpet
  rerun
  rspec
  sass
  sinatra
  thin
  wrong (>= 0.6.2)
